PATH
  remote: .
  specs:
    simpleplot (0.1.0)
      gosu (~> 1.1.0)
      minigl (~> 2.3.5)

GEM
  remote: https://rubygems.org/
  specs:
    gosu (1.1.1.1)
    minigl (2.3.5)
      gosu (>= 0.11, < 2.0)
    rake (13.0.3)

PLATFORMS
  x86_64-darwin-19

DEPENDENCIES
  rake (~> 13.0)
  simpleplot!

BUNDLED WITH
   2.2.16
